GEM
  remote: http://rubygems.org/
  specs:
    nokogiri (1.5.3)

PLATFORMS
  ruby

DEPENDENCIES
  nokogiri
